GEM
  remote: https://rubygems.org/
  specs:
    albacore (0.3.6)
      rubyzip (< 1.0.0)
    arrayfu (1.0.0)
    configatron (4.2.1)
    expansions (0.4.33)
      arrayfu (>= 1.0.0)
      configatron (>= 4.1.0)
      mustache (>= 0.99.5)
    mustache (0.99.7)
    rake (10.3.2)
    rubyzip (0.9.9)
    thor (0.19.1)

PLATFORMS
  x86-mingw32

DEPENDENCIES
  albacore (= 0.3.6)
  expansions
  rake (= 10.3.2)
  thor (= 0.19.1)
